GIT
  remote: https://github.com/basho/riak-ruby-client.git
  revision: 53dc97f32078a80f57deaed9267deab98ba9c95b
  branch: master
  specs:
    riak-client (2.3.2)
      beefcake (~> 1.1)
      cert_validator (~> 0.0.1)
      i18n (>= 0.6.8)
      innertube (~> 1.0.2)
      multi_json (~> 1.0)

GEM
  remote: https://rubygems.org/
  specs:
    beefcake (1.1.0)
    cert_validator (0.0.1)
    i18n (0.7.0)
    innertube (1.0.2)
    json (1.8.3)
    multi_json (1.11.2)
    rake (10.4.2)

PLATFORMS
  ruby

DEPENDENCIES
  json
  rake
  riak-client!
